PATH
  remote: .
  specs:
    airb (0.1.1)
      vsm (~> 0.1)

GEM
  remote: https://rubygems.org/
  specs:
    async (2.27.3)
      console (~> 1.29)
      fiber-annotation
      io-event (~> 1.11)
      metrics (~> 0.12)
      traces (~> 0.15)
    async-http (0.91.0)
      async (>= 2.10.2)
      async-pool (~> 0.11)
      io-endpoint (~> 0.14)
      io-stream (~> 0.6)
      metrics (~> 0.12)
      protocol-http (~> 0.49)
      protocol-http1 (~> 0.30)
      protocol-http2 (~> 0.22)
      traces (~> 0.10)
    async-pool (0.11.0)
      async (>= 2.0)
    async-rspec (1.17.1)
      rspec (~> 3.0)
      rspec-files (~> 1.0)
      rspec-memory (~> 1.0)
    console (1.33.0)
      fiber-annotation
      fiber-local (~> 1.1)
      json
    date (3.4.1)
    diff-lcs (1.6.2)
    erb (5.0.2)
    fiber-annotation (0.2.0)
    fiber-local (1.1.0)
      fiber-storage
    fiber-storage (1.0.1)
    io-console (0.8.1)
    io-endpoint (0.15.2)
    io-event (1.12.1)
    io-stream (0.10.0)
    irb (1.15.2)
      pp (>= 0.6.0)
      rdoc (>= 4.0.0)
      reline (>= 0.4.2)
    json (2.13.2)
    metrics (0.13.0)
    pp (0.6.2)
      prettyprint
    prettyprint (0.2.0)
    protocol-hpack (1.5.1)
    protocol-http (0.51.1)
    protocol-http1 (0.34.1)
      protocol-http (~> 0.22)
    protocol-http2 (0.22.1)
      protocol-hpack (~> 1.4)
      protocol-http (~> 0.47)
    psych (5.2.6)
      date
      stringio
    rack (3.2.0)
    rake (13.3.0)
    rdoc (6.14.2)
      erb
      psych (>= 4.0.0)
    reline (0.6.2)
      io-console (~> 0.5)
    rspec (3.13.1)
      rspec-core (~> 3.13.0)
      rspec-expectations (~> 3.13.0)
      rspec-mocks (~> 3.13.0)
    rspec-core (3.13.5)
      rspec-support (~> 3.13.0)
    rspec-expectations (3.13.5)
      diff-lcs (>= 1.2.0, < 2.0)
      rspec-support (~> 3.13.0)
    rspec-files (1.1.3)
      rspec (~> 3.0)
    rspec-memory (1.0.4)
      rspec (~> 3.0)
    rspec-mocks (3.13.5)
      diff-lcs (>= 1.2.0, < 2.0)
      rspec-support (~> 3.13.0)
    rspec-support (3.13.4)
    stringio (3.1.7)
    traces (0.17.0)
    vsm (0.1.0)
      async (~> 2.27)
      async-http (~> 0.90)
      rack (~> 3.2)

PLATFORMS
  arm64-darwin-24
  ruby

DEPENDENCIES
  airb!
  async-rspec (~> 1.17)
  irb
  rake (~> 13.0)
  rspec (~> 3.13)

BUNDLED WITH
   2.6.9
